GEM
  remote: https://rubygems.org/
  specs:
    async (2.23.1)
      console (~> 1.29)
      fiber-annotation
      io-event (~> 1.9)
      metrics (~> 0.12)
      traces (~> 0.15)
    async-http (0.88.0)
      async (>= 2.10.2)
      async-pool (~> 0.9)
      io-endpoint (~> 0.14)
      io-stream (~> 0.6)
      metrics (~> 0.12)
      protocol-http (~> 0.49)
      protocol-http1 (~> 0.30)
      protocol-http2 (~> 0.22)
      traces (~> 0.10)
    async-io (1.43.2)
      async
    async-pool (0.10.3)
      async (>= 1.25)
    async-websocket (0.30.0)
      async-http (~> 0.76)
      protocol-http (~> 0.34)
      protocol-rack (~> 0.7)
      protocol-websocket (~> 0.17)
    base64 (0.2.0)
    console (1.30.2)
      fiber-annotation
      fiber-local (~> 1.1)
      json
    diff-lcs (1.6.1)
    eventmachine (1.2.7)
    fiber-annotation (0.2.0)
    fiber-local (1.1.0)
      fiber-storage
    fiber-storage (1.0.0)
    io-endpoint (0.15.2)
    io-event (1.10.0)
    io-stream (0.6.1)
    json (2.10.2)
    metrics (0.12.2)
    openssl (3.3.0)
    protocol-hpack (1.5.1)
    protocol-http (0.49.0)
    protocol-http1 (0.34.0)
      protocol-http (~> 0.22)
    protocol-http2 (0.22.1)
      protocol-hpack (~> 1.4)
      protocol-http (~> 0.47)
    protocol-rack (0.11.2)
      protocol-http (~> 0.43)
      rack (>= 1.0)
    protocol-websocket (0.20.1)
      protocol-http (~> 0.2)
    rack (3.1.12)
    rspec (3.13.0)
      rspec-core (~> 3.13.0)
      rspec-expectations (~> 3.13.0)
      rspec-mocks (~> 3.13.0)
    rspec-core (3.13.3)
      rspec-support (~> 3.13.0)
    rspec-expectations (3.13.3)
      diff-lcs (>= 1.2.0, < 2.0)
      rspec-support (~> 3.13.0)
    rspec-mocks (3.13.2)
      diff-lcs (>= 1.2.0, < 2.0)
      rspec-support (~> 3.13.0)
    rspec-support (3.13.2)
    traces (0.15.2)
    websocket-driver (0.7.7)
      base64
      websocket-extensions (>= 0.1.0)
    websocket-extensions (0.1.5)

PLATFORMS
  arm64-darwin-23
  ruby

DEPENDENCIES
  async
  async-http
  async-io
  async-websocket
  eventmachine
  openssl
  protocol-http
  protocol-websocket
  rspec
  websocket-driver

BUNDLED WITH
   2.5.21
